GEM
  remote: https://rubygems.org/
  specs:
    exif (2.2.4)
    thor (1.3.1)

PLATFORMS
  ruby
  x86_64-linux

DEPENDENCIES
  exif (= 2.2.4)
  thor (= 1.3.1)

RUBY VERSION
   ruby 3.3.3p89

BUNDLED WITH
   2.5.14
